GEM
  remote: http://rubygems.org/
  specs:
    json (2.0.2)
    xml-simple (1.1.5)

PLATFORMS
  ruby

DEPENDENCIES
  json
  xml-simple

BUNDLED WITH
   1.17.1
